GIT
  remote: https://github.com/calonso-conabio/activerecord-sqlserver-adapter.git
  revision: 47b6d7b5eb6175cf7ae6929678fbe157f53c9f77
  ref: 47b6d7b
  branch: 4-0-stable
  specs:
    activerecord-sqlserver-adapter (4.0.0)
      activerecord (~> 4.0.0)
      arel (~> 4.0.1)

GIT
  remote: https://github.com/calonso-conabio/ancestry.git
  revision: bfadb2c7ff9813825ce1d5648a06fdb1589f56ef
  ref: bfadb2c
  specs:
    ancestry (2.1.0)
      activerecord (>= 3.0.0)

GEM
  remote: https://rubygems.org/
  specs:
    actionmailer (4.0.8)
      actionpack (= 4.0.8)
      mail (~> 2.5.4)
    actionpack (4.0.8)
      activesupport (= 4.0.8)
      builder (~> 3.1.0)
      erubis (~> 2.7.0)
      rack (~> 1.5.2)
      rack-test (~> 0.6.2)
    actionpack-action_caching (1.2.0)
      actionpack (>= 4.0.0, < 6)
    activemodel (4.0.8)
      activesupport (= 4.0.8)
      builder (~> 3.1.0)
    activerecord (4.0.8)
      activemodel (= 4.0.8)
      activerecord-deprecated_finders (~> 1.0.2)
      activesupport (= 4.0.8)
      arel (~> 4.0.0)
    activerecord-deprecated_finders (1.0.4)
    activerecord-session_store (1.1.1)
      actionpack (>= 4.0)
      activerecord (>= 4.0)
      multi_json (~> 1.11, >= 1.11.2)
      rack (>= 1.5.2, < 3)
      railties (>= 4.0)
    activesupport (4.0.8)
      i18n (~> 0.6, >= 0.6.9)
      minitest (~> 4.2)
      multi_json (~> 1.3)
      thread_safe (~> 0.1)
      tzinfo (~> 0.3.37)
    addressable (2.5.2)
      public_suffix (>= 2.0.2, < 4.0)
    akami (1.2.2)
      gyoku (>= 0.4.0)
      nokogiri
    arel (4.0.2)
    autoprefixer-rails (8.2.0)
      execjs
    axlsx (1.3.6)
      htmlentities (~> 4.3.1)
      nokogiri (>= 1.4.1)
      rubyzip (>= 0.9.5)
    axlsx_rails (0.1.5)
      axlsx
      rails (>= 3.1)
    bcrypt (3.1.11)
    blurrily (0.2.1)
      activesupport
      eventmachine
      json
    bootstrap-sass (3.3.7)
      autoprefixer-rails (>= 5.2.1)
      sass (>= 3.3.4)
    builder (3.1.4)
    carrierwave (1.2.2)
      activemodel (>= 4.0.0)
      activesupport (>= 4.0.0)
      mime-types (>= 1.16)
    chronic (0.10.2)
    cocoon (1.2.0)
    coffee-rails (4.0.1)
      coffee-script (>= 2.2.0)
      railties (>= 4.0.0, < 5.0)
    coffee-script (2.4.1)
      coffee-script-source
      execjs
    coffee-script-source (1.12.2)
    composite_primary_keys (6.0.8)
      activerecord (~> 4.0.6)
    concurrent-ruby (1.0.5)
    daemons (1.2.6)
    delayed_job (4.1.4)
      activesupport (>= 3.0, < 5.2)
    delayed_job_active_record (4.1.2)
      activerecord (>= 3.0, < 5.2)
      delayed_job (>= 3.0, < 5)
    devise (3.5.10)
      bcrypt (~> 3.0)
      orm_adapter (~> 0.1)
      railties (>= 3.2.6, < 5)
      responders
      thread_safe (~> 0.1)
      warden (~> 1.2.3)
    domain_name (0.5.20170404)
      unf (>= 0.0.5, < 1.0.0)
    erubis (2.7.0)
    eventmachine (1.2.5)
    execjs (2.7.0)
    exifr (1.3.3)
    ffi (1.9.23)
    fontello_rails_converter (0.4.6)
      activesupport
      launchy
      rest-client
      rubyzip (~> 1.0)
    gyoku (1.1.1)
      builder (>= 2.1.2)
    haml (5.0.4)
      temple (>= 0.8.0)
      tilt
    hike (1.2.3)
    htmlentities (4.3.4)
    http-cookie (1.0.3)
      domain_name (~> 0.5)
    httpi (2.1.1)
      rack
      rubyntlm (~> 0.3.2)
    i18n (0.9.5)
      concurrent-ruby (~> 1.0)
    i18n-js (3.0.5)
      i18n (>= 0.6.6, < 2)
    jbuilder (1.0.2)
      activesupport (>= 3.0.0)
    jquery-rails (3.1.4)
      railties (>= 3.0, < 5.0)
      thor (>= 0.14, < 2.0)
    json (2.1.0)
    launchy (2.4.3)
      addressable (~> 2.3)
    levenshtein-ffi (1.1.0)
      ffi (~> 1.9)
    libv8 (3.16.14.19)
    magick-metadata (0.0.3)
    mail (2.5.5)
      mime-types (~> 1.16)
      treetop (~> 1.4.8)
    mime-types (1.25.1)
    mini_portile2 (2.3.0)
    minitest (4.7.5)
    multi_json (1.13.1)
    mysql2 (0.5.0)
    netrc (0.11.0)
    nokogiri (1.8.2)
      mini_portile2 (~> 2.3.0)
    nori (2.3.0)
    orm_adapter (0.5.0)
    pg (0.21.0)
    polyglot (0.3.5)
    public_suffix (3.0.2)
    rack (1.5.5)
    rack-contrib (1.8.0)
      rack (~> 1.4)
    rack-google-analytics (1.2.0)
      actionpack
      activesupport
    rack-protection (1.5.5)
      rack
    rack-test (0.6.3)
      rack (>= 1.0)
    rails (4.0.8)
      actionmailer (= 4.0.8)
      actionpack (= 4.0.8)
      activerecord (= 4.0.8)
      activesupport (= 4.0.8)
      bundler (>= 1.3.0, < 2.0)
      railties (= 4.0.8)
      sprockets-rails (~> 2.0)
    railties (4.0.8)
      actionpack (= 4.0.8)
      activesupport (= 4.0.8)
      rake (>= 0.8.7)
      thor (>= 0.18.1, < 2.0)
    rake (10.4.2)
    rb-fsevent (0.10.3)
    rb-inotify (0.9.10)
      ffi (>= 0.5.0, < 2)
    rdoc (5.1.0)
    recaptcha (4.8.0)
      json
    redis (3.3.5)
    ref (2.0.0)
    responders (1.1.2)
      railties (>= 3.2, < 4.2)
    rest-client (2.0.2)
      http-cookie (>= 1.0.2, < 2.0)
      mime-types (>= 1.16, < 4.0)
      netrc (~> 0.8)
    rinku (2.0.4)
    roo (2.7.1)
      nokogiri (~> 1)
      rubyzip (~> 1.1, < 2.0.0)
    rubyXL (3.3.29)
      nokogiri (>= 1.4.4)
      rubyzip (>= 1.1.6)
    rubyntlm (0.3.4)
    rubyzip (1.2.1)
    sass (3.5.6)
      sass-listen (~> 4.0.0)
    sass-listen (4.0.0)
      rb-fsevent (~> 0.9, >= 0.9.4)
      rb-inotify (~> 0.9, >= 0.9.7)
    sass-rails (4.0.1)
      railties (>= 4.0.0, < 5.0)
      sass (>= 3.1.10)
      sprockets-rails (~> 2.0.0)
    savon (2.4.0)
      akami (~> 1.2.0)
      builder (>= 2.1.2)
      gyoku (~> 1.1.0)
      httpi (~> 2.1.0)
      nokogiri (>= 1.4.0)
      nori (~> 2.3.0)
      wasabi (~> 3.2.2)
    sdoc (1.0.0)
      rdoc (>= 5.0)
    seed_dump (3.2.4)
      activerecord (>= 4)
      activesupport (>= 4)
    sinatra (1.4.8)
      rack (~> 1.5)
      rack-protection (~> 1.4)
      tilt (>= 1.3, < 3)
    soulmate (1.1.0)
      multi_json (>= 1.0)
      redis (>= 3.0)
      sinatra (>= 1.0)
      vegas (>= 0.1.0)
    sprockets (2.12.4)
      hike (~> 1.2)
      multi_json (~> 1.0)
      rack (~> 1.0)
      tilt (~> 1.1, != 1.3.0)
    sprockets-rails (2.0.1)
      actionpack (>= 3.0)
      activesupport (>= 3.0)
      sprockets (~> 2.8)
    temple (0.8.0)
    therubyracer (0.12.3)
      libv8 (~> 3.16.14.15)
      ref
    thor (0.20.0)
    thread_safe (0.3.6)
    tilt (1.4.1)
    tiny_tds (1.3.0)
      mini_portile2 (~> 2.0)
    treetop (1.4.15)
      polyglot
      polyglot (>= 0.3.1)
    trollop (2.1.2)
    turbolinks (5.1.0)
      turbolinks-source (~> 5.1)
    turbolinks-source (5.1.0)
    tzinfo (0.3.54)
    uglifier (4.1.8)
      execjs (>= 0.3.0, < 3)
    unf (0.1.4)
      unf_ext
    unf_ext (0.0.7.5)
    vegas (0.1.11)
      rack (>= 1.0.0)
    warden (1.2.7)
      rack (>= 1.0)
    wasabi (3.2.3)
      httpi (~> 2.0)
      mime-types (< 2.0.0)
      nokogiri (>= 1.4.0)
    wash_out (0.12.0)
      nori (>= 2.0.0)
    whenever (0.10.0)
      chronic (>= 0.6.3)
    wicked_pdf (1.1.0)

PLATFORMS
  ruby

DEPENDENCIES
  actionpack-action_caching
  activerecord-session_store
  activerecord-sqlserver-adapter!
  ancestry!
  axlsx_rails
  blurrily (= 0.2.1)
  bootstrap-sass (~> 3.3.6)
  carrierwave
  cocoon (= 1.2.0)
  coffee-rails (~> 4.0.0)
  composite_primary_keys
  daemons
  delayed_job
  delayed_job_active_record
  devise
  exifr
  fontello_rails_converter
  haml
  htmlentities
  i18n-js
  jbuilder (~> 1.0.1)
  jquery-rails (~> 3.1.3)
  levenshtein-ffi
  magick-metadata
  mail (~> 2.5.4)
  mime-types (= 1.25.1)
  mysql2
  nokogiri
  pg (= 0.21.0)
  rack-contrib
  rack-google-analytics
  rails (= 4.0.8)
  rake (= 10.4.2)
  recaptcha
  rest-client
  rinku
  roo
  rubyXL
  rubyzip (= 1.2.1)
  sass-rails (~> 4.0.0)
  savon (= 2.4.0)
  sdoc
  seed_dump
  soulmate
  therubyracer
  tiny_tds (= 1.3.0)
  trollop
  turbolinks
  uglifier (>= 1.3.0)
  wash_out
  whenever
  wicked_pdf

BUNDLED WITH
   1.16.1
